GEM
  remote: http://rubygems.org/
  specs:
    coffee-script (2.2.0)
      coffee-script-source
      execjs
    coffee-script-source (1.4.0)
    eco (1.0.0)
      coffee-script
      eco-source
      execjs
    eco-source (1.1.0.rc.1)
    execjs (1.4.0)
      multi_json (~> 1.0)
    multi_json (1.5.0)
    rack (1.5.0)
    rake (10.0.3)

PLATFORMS
  ruby

DEPENDENCIES
  coffee-script
  eco
  rack
  rake
